GEM
  remote: https://rubygems.org/
  specs:
    rake (13.0.0)

PLATFORMS
  ruby

DEPENDENCIES
  rake (= 13.0.0)

BUNDLED WITH
   1.17.1
